PATH
  remote: .
  specs:
    data_kitten (1.3.4)
      datapackage
      git
      json
      linkeddata
      nokogiri
      rake
      rest-client

GEM
  remote: http://rubygems.org/
  specs:
    activesupport (5.1.7)
      concurrent-ruby (~> 1.0, >= 1.0.2)
      i18n (>= 0.7, < 2)
      minitest (~> 5.1)
      tzinfo (~> 1.1)
    addressable (2.7.0)
      public_suffix (>= 2.0.2, < 5.0)
    bcp47 (0.3.3)
      i18n
    builder (3.2.4)
    coderay (1.1.2)
    colorize (0.8.1)
    concurrent-ruby (1.1.6)
    coveralls (0.7.11)
      multi_json (~> 1.10)
      rest-client (>= 1.6.8, < 2)
      simplecov (~> 0.9.1)
      term-ansicolor (~> 1.3)
      thor (~> 0.19.1)
    datapackage (1.1.1)
      colorize
      json-schema
      ruby_dig
      rubyzip
      tableschema
    diff-lcs (1.3)
    docile (1.1.5)
    domain_name (0.5.20190701)
      unf (>= 0.0.5, < 1.0.0)
    ebnf (0.3.9)
      rdf (~> 1.1)
      sxp (~> 0.1, >= 0.1.3)
    equivalent-xml (0.6.0)
      nokogiri (>= 1.4.3)
    fakeweb (1.3.0)
    git (1.7.0)
      rchardet (~> 1.8)
    haml (4.0.7)
      tilt
    htmlentities (4.3.4)
    http-cookie (1.0.3)
      domain_name (~> 0.5)
    i18n (1.8.2)
      concurrent-ruby (~> 1.0)
    json (2.3.0)
    json-ld (1.1.9)
      rdf (~> 1.1, >= 1.1.7)
    json-schema (2.8.1)
      addressable (>= 2.4)
    link_header (0.0.8)
    linkeddata (1.1.11.2)
      equivalent-xml (~> 0.5)
      json-ld (~> 1.1, >= 1.1.8, < 1.99)
      nokogiri (~> 1.6)
      rdf (~> 1.1, >= 1.1.11, < 1.99)
      rdf-aggregate-repo (~> 1.1, < 1.99)
      rdf-isomorphic (~> 1.1, < 1.99)
      rdf-json (~> 1.1, >= 1.1.2, < 1.99)
      rdf-microdata (~> 2.0, >= 2.0.1)
      rdf-n3 (~> 1.1, >= 1.1.3, < 1.99)
      rdf-rdfa (~> 1.1, >= 1.1.6, < 1.99)
      rdf-rdfxml (~> 1.1, >= 1.1.4, < 1.99)
      rdf-reasoner (~> 0.2, >= 0.2.1, < 1.99)
      rdf-tabular (~> 0.1, >= 0.1.2)
      rdf-trig (~> 1.1, >= 1.1.4, < 1.99)
      rdf-trix (~> 1.1, < 1.99)
      rdf-turtle (~> 1.1, >= 1.1.6, < 1.99)
      rdf-vocab (~> 0.8)
      rdf-xsd (~> 1.1, >= 1.1.3, < 1.99)
      sparql (~> 1.1, >= 1.1.5, < 1.99)
      sparql-client (~> 1.1, >= 1.1.3, < 1.99)
    macaddr (1.7.2)
      systemu (~> 2.6.5)
    method_source (1.0.0)
    mime-types (2.99.3)
    mini_portile2 (2.4.0)
    minitest (5.14.0)
    multi_json (1.10.1)
    net-http-persistent (2.9.4)
    netrc (0.11.0)
    nokogiri (1.10.8)
      mini_portile2 (~> 2.4.0)
    pry (0.13.1)
      coderay (~> 1.1)
      method_source (~> 1.0)
    public_suffix (4.0.3)
    rake (10.4.2)
    rchardet (1.8.0)
    rdf (1.1.17.1)
      link_header (~> 0.0, >= 0.0.8)
    rdf-aggregate-repo (1.1.0.1)
      rdf (~> 1.1, < 1.99)
    rdf-isomorphic (1.1.0.2)
      rdf (~> 1.1, >= 1.1.17, < 1.99)
    rdf-json (1.1.2.1)
      rdf (~> 1.1, < 1.99)
    rdf-microdata (2.0.2)
      htmlentities (~> 4.3)
      nokogiri (~> 1.6)
      rdf (~> 1.1)
      rdf-xsd (~> 1.1)
    rdf-n3 (1.1.3.1)
      rdf (~> 1.1, >= 1.1.17, < 1.99)
    rdf-rdfa (1.1.6.1)
      haml (~> 4.0)
      htmlentities (~> 4.3)
      rdf (~> 1.1, >= 1.1.6, < 1.99)
      rdf-aggregate-repo (~> 1.1, < 1.99)
      rdf-xsd (~> 1.1, < 1.99)
    rdf-rdfxml (1.1.5.1)
      htmlentities (~> 4.3)
      rdf (~> 1.1, >= 1.1.6, < 1.99)
      rdf-rdfa (~> 1.1, >= 1.1.4.1, < 1.99)
      rdf-xsd (~> 1.1, < 1.99)
    rdf-reasoner (0.3.0)
      rdf (~> 1.1, >= 1.1.4.2)
      rdf-turtle (~> 1.1)
      rdf-vocab (~> 0.8)
      rdf-xsd (~> 1.1)
    rdf-tabular (0.3.0)
      addressable (~> 2.3)
      bcp47 (~> 0.3, >= 0.3.3)
      json-ld (~> 1.1)
      rdf (~> 1.1, >= 1.1.7)
      rdf-vocab (~> 0.8)
      rdf-xsd (~> 1.1)
    rdf-trig (1.1.5.1)
      ebnf (~> 0.3, >= 0.3.7)
      rdf (~> 1.1, >= 1.1.11, < 1.99)
      rdf-turtle (~> 1.1, >= 1.1.7, < 1.99)
    rdf-trix (1.1.0.1)
      rdf (~> 1.1, < 1.99)
    rdf-turtle (1.1.8)
      ebnf (~> 0.3, >= 0.3.6)
      rdf (~> 1.1, >= 1.1.10)
    rdf-vocab (0.8.8)
      rdf (~> 1.1, >= 1.1.10)
    rdf-xsd (1.1.5.1)
      rdf (~> 1.1, >= 1.1.9, < 1.99)
    rest-client (1.8.0)
      http-cookie (>= 1.0.2, < 2.0)
      mime-types (>= 1.16, < 3.0)
      netrc (~> 0.7)
    rspec (3.9.0)
      rspec-core (~> 3.9.0)
      rspec-expectations (~> 3.9.0)
      rspec-mocks (~> 3.9.0)
    rspec-core (3.9.1)
      rspec-support (~> 3.9.1)
    rspec-expectations (3.9.0)
      diff-lcs (>= 1.2.0, < 2.0)
      rspec-support (~> 3.9.0)
    rspec-mocks (3.9.1)
      diff-lcs (>= 1.2.0, < 2.0)
      rspec-support (~> 3.9.0)
    rspec-support (3.9.2)
    ruby_dig (0.0.2)
    rubyzip (2.2.0)
    simplecov (0.9.2)
      docile (~> 1.1.0)
      multi_json (~> 1.0)
      simplecov-html (~> 0.9.0)
    simplecov-html (0.9.0)
    sparql (1.1.9)
      builder (~> 3.2)
      ebnf (~> 0.3, >= 0.3.9)
      rdf (~> 1.1, >= 1.1.13)
      rdf-aggregate-repo (~> 1.1, >= 1.1.0)
      rdf-xsd (~> 1.1)
      sparql-client (~> 1.1)
      sxp (~> 0.1)
    sparql-client (1.1.6.1)
      net-http-persistent (~> 2.9)
      rdf (~> 1.1, < 1.99)
    sxp (0.1.5)
    systemu (2.6.5)
    tableschema (1.0.2)
      activesupport (~> 5.1.0)
      json-schema (~> 2.8.0)
      tod (~> 2.1.0)
      uuid (~> 2.3.8)
    term-ansicolor (1.3.0)
      tins (~> 1.0)
    thor (0.19.1)
    thread_safe (0.3.6)
    tilt (2.0.10)
    tins (1.3.5)
    tod (2.1.1)
    tzinfo (1.2.6)
      thread_safe (~> 0.1)
    unf (0.1.4)
      unf_ext
    unf_ext (0.0.7.6)
    uuid (2.3.9)
      macaddr (~> 1.0)

PLATFORMS
  ruby

DEPENDENCIES
  coveralls
  data_kitten!
  fakeweb (~> 1.3)
  pry
  rspec

BUNDLED WITH
   2.1.4
