PATH
  remote: .
  specs:
    data_kitten (0.0.1)
      git

GEM
  remote: http://rubygems.org/
  specs:
    git (1.2.5)

PLATFORMS
  ruby

DEPENDENCIES
  data_kitten!
