PATH
  remote: .
  specs:
    data_kitten (0.0.1)
      curb
      git
      json
      linkeddata
      nokogiri
      rest-client

GEM
  remote: http://rubygems.org/
  specs:
    addressable (2.3.4)
    coveralls (0.7.0)
      multi_json (~> 1.3)
      rest-client
      simplecov (>= 0.7)
      term-ansicolor
      thor
    curb (0.8.4)
    diff-lcs (1.2.4)
    docile (1.1.3)
    ebnf (0.3.0)
      rdf
      sxp
    fakeweb (1.3.0)
    git (1.2.5)
    haml (4.0.3)
      tilt
    htmlentities (4.3.1)
    json (1.7.7)
    json-ld (1.0.1.1)
      json (>= 1.7.5)
      rdf (>= 1.0)
    json_pure (1.8.0)
    linkeddata (1.0.5)
      json-ld (>= 0.9.1)
      rdf (>= 1.0.5)
      rdf-isomorphic (>= 1.0.1)
      rdf-json (>= 1.0)
      rdf-microdata (>= 1.0)
      rdf-n3 (>= 1.0)
      rdf-rdfa (>= 1.0)
      rdf-rdfxml (>= 1.0.1)
      rdf-trig (>= 1.0.0.beta3)
      rdf-trix (>= 1.0)
      rdf-turtle (>= 1.0.4)
    mime-types (1.23)
    multi_json (1.8.4)
    nokogiri (1.5.9)
    rdf (1.0.6)
      addressable (>= 2.2)
    rdf-isomorphic (1.0.1)
      rdf (>= 1.0)
    rdf-json (1.0.0)
      json_pure (>= 1.4)
      rdf (>= 1.0)
    rdf-microdata (1.0.0)
      htmlentities (>= 4.3.0)
      json (>= 1.7.6)
      rdf (>= 1.0)
      rdf-xsd (>= 1.0)
    rdf-n3 (1.0.0)
      rdf (>= 1.0)
    rdf-rdfa (1.0.2)
      haml (>= 4.0)
      htmlentities (>= 4.3.1)
      rdf (>= 1.0.5)
      rdf-xsd (>= 1.0)
    rdf-rdfxml (1.0.1)
      rdf (>= 1.0)
      rdf-xsd (>= 1.0)
    rdf-trig (1.0.0)
      ebnf (>= 0.2.0)
      rdf (>= 1.0)
      rdf-turtle (>= 1.0.4)
    rdf-trix (1.0.0)
      rdf (>= 1.0)
    rdf-turtle (1.0.6)
      ebnf (>= 0.3.0)
      rdf (>= 1.0)
    rdf-xsd (1.0.2.1)
      nokogiri (>= 1.5.0)
      rdf (>= 0.3.4)
    rest-client (1.6.7)
      mime-types (>= 1.16)
    rspec (2.13.0)
      rspec-core (~> 2.13.0)
      rspec-expectations (~> 2.13.0)
      rspec-mocks (~> 2.13.0)
    rspec-core (2.13.1)
    rspec-expectations (2.13.0)
      diff-lcs (>= 1.1.3, < 2.0)
    rspec-mocks (2.13.1)
    simplecov (0.8.2)
      docile (~> 1.1.0)
      multi_json
      simplecov-html (~> 0.8.0)
    simplecov-html (0.8.0)
    sxp (0.1.3)
      json (>= 1.1.1)
    term-ansicolor (1.3.0)
      tins (~> 1.0)
    thor (0.18.1)
    tilt (1.4.1)
    tins (1.0.0)

PLATFORMS
  ruby

DEPENDENCIES
  coveralls
  data_kitten!
  fakeweb (~> 1.3)
  rspec
