PATH
  remote: .
  specs:
    data-kitten (0.0.1)
      git
      json
      rest-client

GEM
  remote: http://rubygems.org/
  specs:
    git (1.2.5)
    json (1.7.7)
    mime-types (1.23)
    rest-client (1.6.7)
      mime-types (>= 1.16)

PLATFORMS
  ruby

DEPENDENCIES
  data-kitten!
