PATH
  remote: .
  specs:
    data_kitten (0.0.1)
      curb
      git
      json
      linkeddata
      nokogiri
      rest-client

GEM
  remote: http://rubygems.org/
  specs:
    builder (3.2.2)
    curb (0.8.5)
    diff-lcs (1.2.5)
    docile (1.1.1)
    ebnf (0.3.5)
      rdf
      sxp
    fakeweb (1.3.0)
    git (1.2.6)
    haml (4.0.5)
      tilt
    htmlentities (4.3.1)
    json (1.8.1)
    json-ld (1.1.0)
      rdf (>= 1.0.8)
    linkeddata (1.1.0)
      json-ld (>= 1.1.0)
      rdf (>= 1.1.0)
      rdf-isomorphic (>= 1.1.0)
      rdf-json (>= 1.1.0)
      rdf-microdata (>= 1.1.0)
      rdf-n3 (>= 1.1.0)
      rdf-rdfa (>= 1.1.0)
      rdf-rdfxml (>= 1.1.0)
      rdf-trig (>= 1.1.0)
      rdf-trix (>= 1.1.0)
      rdf-turtle (>= 1.1.0)
      sparql (>= 1.1.2)
      sparql-client (>= 1.1.0)
    mime-types (2.0)
    mini_portile (0.5.2)
    multi_json (1.8.2)
    net-http-persistent (2.9)
    nokogiri (1.6.1)
      mini_portile (~> 0.5.0)
    rdf (1.1.1.1)
    rdf-aggregate-repo (1.1.0)
      rdf (>= 1.1)
    rdf-isomorphic (1.1.0)
      rdf (>= 1.1)
    rdf-json (1.1.0)
      rdf (>= 1.1.0)
    rdf-microdata (1.1.0)
      htmlentities (>= 4.3.0)
      rdf (>= 1.1.0)
      rdf-xsd (>= 1.1.0)
    rdf-n3 (1.1.0)
      rdf (>= 1.1)
    rdf-rdfa (1.1.0)
      haml (>= 4.0)
      htmlentities (>= 4.3.1)
      rdf (>= 1.1.0)
      rdf-xsd (>= 1.1)
    rdf-rdfxml (1.1.0)
      rdf (>= 1.1)
      rdf-rdfa (>= 1.1)
      rdf-xsd (>= 1.1)
    rdf-trig (1.1.2)
      ebnf (>= 0.3.5)
      rdf (>= 1.1.1.1)
      rdf-turtle (>= 1.1.2)
    rdf-trix (1.1.0)
      rdf (>= 1.1)
    rdf-turtle (1.1.2)
      ebnf (>= 0.3.5)
      rdf (>= 1.1.1.1)
    rdf-xsd (1.1.0)
      rdf (>= 1.1)
    rest-client (1.6.7)
      mime-types (>= 1.16)
    rspec (2.14.1)
      rspec-core (~> 2.14.0)
      rspec-expectations (~> 2.14.0)
      rspec-mocks (~> 2.14.0)
    rspec-core (2.14.7)
    rspec-expectations (2.14.4)
      diff-lcs (>= 1.1.3, < 2.0)
    rspec-mocks (2.14.4)
    simplecov (0.8.2)
      docile (~> 1.1.0)
      multi_json
      simplecov-html (~> 0.8.0)
    simplecov-html (0.8.0)
    simplecov-rcov (0.2.3)
      simplecov (>= 0.4.1)
    sparql (1.1.2.1)
      builder (>= 3.0)
      ebnf (>= 0.3.2)
      json (>= 1.7)
      rdf (>= 1.1.0)
      rdf-aggregate-repo (>= 1.1.0)
      rdf-xsd (>= 1.0.2)
      sparql-client (>= 1.1)
      sxp (>= 0.1.3)
    sparql-client (1.1.1)
      json (>= 1.8)
      net-http-persistent (>= 1.4)
      rdf (>= 1.1)
    sxp (0.1.4)
      json (>= 1.1.1)
    tilt (2.0.0)

PLATFORMS
  ruby

DEPENDENCIES
  data_kitten!
  fakeweb (~> 1.3)
  rspec
  simplecov-rcov
