PATH
  remote: .
  specs:
    data_kitten (1.3.4)
      datapackage
      git
      json
      linkeddata
      nokogiri
      rake
      rest-client

GEM
  remote: http://rubygems.org/
  specs:
    addressable (2.3.8)
    bcp47 (0.3.3)
      i18n
    builder (3.2.4)
    coderay (1.1.2)
    colorize (0.7.7)
    concurrent-ruby (1.1.7)
    connection_pool (2.2.3)
    coveralls (0.7.11)
      multi_json (~> 1.10)
      rest-client (>= 1.6.8, < 2)
      simplecov (~> 0.9.1)
      term-ansicolor (~> 1.3)
      thor (~> 0.19.1)
    datapackage (0.0.4)
      colorize
      json
      json-schema
      rest-client
    diff-lcs (1.4.4)
    docile (1.1.5)
    domain_name (0.5.20190701)
      unf (>= 0.0.5, < 1.0.0)
    ebnf (2.1.2)
      htmlentities (~> 4.3)
      rdf (~> 3.1)
      scanf (~> 1.0)
      sxp (~> 1.1)
    equivalent-xml (0.6.0)
      nokogiri (>= 1.4.3)
    fakeweb (1.3.0)
    git (1.7.0)
      rchardet (~> 1.8)
    haml (5.2.1)
      temple (>= 0.8.0)
      tilt
    hamster (3.0.0)
      concurrent-ruby (~> 1.0)
    htmlentities (4.3.4)
    http-cookie (1.0.3)
      domain_name (~> 0.5)
    i18n (1.8.5)
      concurrent-ruby (~> 1.0)
    json (2.5.1)
    json-canonicalization (0.2.0)
    json-ld (3.1.5)
      htmlentities (~> 4.3)
      json-canonicalization (~> 0.2)
      link_header (~> 0.0, >= 0.0.8)
      multi_json (~> 1.14)
      rack (~> 2.0)
      rdf (~> 3.1)
    json-ld-preloaded (3.1.3)
      json-ld (~> 3.1)
      rdf (~> 3.1)
    json-schema (2.5.1)
      addressable (~> 2.3.7)
    ld-patch (3.1.1)
      ebnf (~> 2.0)
      rdf (~> 3.1)
      rdf-xsd (~> 3.1)
      sparql (~> 3.1)
      sxp (~> 1.1)
    link_header (0.0.8)
    linkeddata (3.1.2)
      equivalent-xml (~> 0.6)
      json-ld (~> 3.1, >= 3.1.1)
      json-ld-preloaded (~> 3.1, >= 3.1.1)
      ld-patch (~> 3.1)
      nokogiri (~> 1.10)
      nokogumbo (~> 2.0)
      rdf (~> 3.1, >= 3.1.2)
      rdf-aggregate-repo (~> 3.1)
      rdf-isomorphic (~> 3.1)
      rdf-json (~> 3.1)
      rdf-microdata (~> 3.1)
      rdf-n3 (~> 3.1)
      rdf-normalize (~> 0.4)
      rdf-rdfa (~> 3.1, >= 3.1.1)
      rdf-rdfxml (~> 3.1)
      rdf-reasoner (~> 0.6, >= 0.6.1)
      rdf-tabular (~> 3.1)
      rdf-trig (~> 3.1)
      rdf-trix (~> 3.1)
      rdf-turtle (~> 3.1, >= 3.1.1)
      rdf-vocab (~> 3.1, >= 3.1.2)
      rdf-xsd (~> 3.1)
      shex (~> 0.6)
      sparql (~> 3.1, >= 3.1.1)
      sparql-client (~> 3.1)
    method_source (1.0.0)
    mime-types (2.99.3)
    mini_portile2 (2.4.0)
    multi_json (1.15.0)
    net-http-persistent (3.1.0)
      connection_pool (~> 2.2)
    netrc (0.11.0)
    nokogiri (1.10.10)
      mini_portile2 (~> 2.4.0)
    nokogumbo (2.0.4)
      nokogiri (~> 1.8, >= 1.8.4)
    pry (0.13.1)
      coderay (~> 1.1)
      method_source (~> 1.0)
    rack (2.2.3)
    rake (10.4.2)
    rchardet (1.8.0)
    rdf (3.1.7)
      hamster (~> 3.0)
      link_header (~> 0.0, >= 0.0.8)
    rdf-aggregate-repo (3.1.0)
      rdf (~> 3.1)
    rdf-isomorphic (3.1.0)
      rdf (~> 3.1)
    rdf-json (3.1.0)
      rdf (~> 3.1)
    rdf-microdata (3.1.1)
      htmlentities (~> 4.3)
      nokogiri (~> 1.10)
      rdf (~> 3.1)
      rdf-xsd (~> 3.1)
    rdf-n3 (3.1.1)
      rdf (~> 3.1)
      sparql (~> 3.1)
      sxp (~> 1.1)
    rdf-normalize (0.4.0)
      rdf (~> 3.1)
    rdf-rdfa (3.1.2)
      haml (~> 5.1)
      htmlentities (~> 4.3)
      rdf (~> 3.1, >= 3.1.2)
      rdf-aggregate-repo (~> 3.1)
      rdf-vocab (~> 3.1, >= 3.1.5)
      rdf-xsd (~> 3.1)
    rdf-rdfxml (3.1.0)
      htmlentities (~> 4.3)
      rdf (~> 3.1)
      rdf-rdfa (~> 3.1)
      rdf-xsd (~> 3.1)
    rdf-reasoner (0.6.2)
      rdf (~> 3.1, >= 3.1.2)
      rdf-vocab (~> 3.1, >= 3.1.5)
      rdf-xsd (~> 3.1)
    rdf-tabular (3.1.1)
      addressable (~> 2.3)
      bcp47 (~> 0.3, >= 0.3.3)
      json-ld (~> 3.1)
      rdf (~> 3.1)
      rdf-vocab (~> 3.1)
      rdf-xsd (~> 3.1)
    rdf-trig (3.1.1)
      ebnf (~> 2.0)
      rdf (~> 3.1)
      rdf-turtle (~> 3.1)
    rdf-trix (3.1.0)
      rdf (~> 3.1)
    rdf-turtle (3.1.2)
      ebnf (~> 2.0)
      rdf (~> 3.1, >= 3.1.2)
    rdf-vocab (3.1.9)
      rdf (~> 3.1, >= 3.1.2)
    rdf-xsd (3.1.0)
      rdf (~> 3.1)
    rest-client (1.8.0)
      http-cookie (>= 1.0.2, < 2.0)
      mime-types (>= 1.16, < 3.0)
      netrc (~> 0.7)
    rspec (3.10.0)
      rspec-core (~> 3.10.0)
      rspec-expectations (~> 3.10.0)
      rspec-mocks (~> 3.10.0)
    rspec-core (3.10.0)
      rspec-support (~> 3.10.0)
    rspec-expectations (3.10.0)
      diff-lcs (>= 1.2.0, < 2.0)
      rspec-support (~> 3.10.0)
    rspec-mocks (3.10.0)
      diff-lcs (>= 1.2.0, < 2.0)
      rspec-support (~> 3.10.0)
    rspec-support (3.10.0)
    scanf (1.0.0)
    shex (0.6.1)
      ebnf (~> 2.0)
      json-ld (~> 3.1)
      json-ld-preloaded (~> 3.1)
      rdf (~> 3.1)
      rdf-xsd (~> 3.1)
      sparql (~> 3.1)
      sxp (~> 1.1)
    simplecov (0.9.2)
      docile (~> 1.1.0)
      multi_json (~> 1.0)
      simplecov-html (~> 0.9.0)
    simplecov-html (0.9.0)
    sparql (3.1.3)
      builder (~> 3.2)
      ebnf (>= 1.1)
      rdf (~> 3.1, >= 3.1.2)
      rdf-aggregate-repo (~> 3.1)
      rdf-xsd (~> 3.1)
      sparql-client (~> 3.1)
      sxp (~> 1.1)
    sparql-client (3.1.0)
      net-http-persistent (~> 3.1)
      rdf (~> 3.1)
    sxp (1.1.0)
      rdf (~> 3.1)
    temple (0.8.2)
    term-ansicolor (1.3.0)
      tins (~> 1.0)
    thor (0.19.1)
    tilt (2.0.10)
    tins (1.3.5)
    unf (0.1.4)
      unf_ext
    unf_ext (0.0.7.6)

PLATFORMS
  ruby

DEPENDENCIES
  coveralls
  data_kitten!
  fakeweb (~> 1.3)
  pry
  rspec
